GEM
  remote: http://rubygems.org/
  specs:
    actionmailer (2.3.5)
      actionpack (= 2.3.5)
    actionpack (2.3.5)
      activesupport (= 2.3.5)
      rack (~> 1.0.0)
    activerecord (2.3.5)
      activesupport (= 2.3.5)
    activeresource (2.3.5)
      activesupport (= 2.3.5)
    activesupport (2.3.5)
    authlogic (2.1.6)
      activesupport
    configatron (2.6.4)
      yamler (>= 0.1.0)
    formtastic (1.1.0)
      actionpack (>= 2.3.0)
      activesupport (>= 2.3.0)
      i18n (>= 0.4.0)
    gravtastic (3.1.0)
    i18n (0.5.0)
    paperclip (2.3.8)
      activerecord
      activesupport
    rack (1.0.1)
    rails (2.3.5)
      actionmailer (= 2.3.5)
      actionpack (= 2.3.5)
      activerecord (= 2.3.5)
      activeresource (= 2.3.5)
      activesupport (= 2.3.5)
      rake (>= 0.8.3)
    rake (0.8.7)
    sprockets (1.0.2)
    will_paginate (2.3.15)
    yamler (0.1.0)

PLATFORMS
  ruby

DEPENDENCIES
  authlogic
  configatron
  formtastic
  gravtastic
  paperclip
  rails (= 2.3.5)
  sprockets
  will_paginate
